GEM
  remote: http://rubygems.org/
  specs:
    ZenTest (4.5.0)
    activesupport (3.0.8)
    addressable (2.2.6)
    autotest (4.4.6)
      ZenTest (>= 4.4.1)
    crack (0.1.8)
    diff-lcs (1.1.2)
    fuubar (0.0.5)
      rspec (~> 2.0)
      rspec-instafail (~> 0.1.4)
      ruby-progressbar (~> 0.0.10)
    git (1.2.5)
    i18n (0.6.0)
    jeweler (1.6.2)
      bundler (~> 1.0)
      git (>= 1.2.5)
      rake
    mime-types (1.16)
    mocha (0.9.12)
    rake (0.9.2)
    rcov (0.9.9)
    rest-client (1.6.3)
      mime-types (>= 1.16)
    rspec (2.6.0)
      rspec-core (~> 2.6.0)
      rspec-expectations (~> 2.6.0)
      rspec-mocks (~> 2.6.0)
    rspec-core (2.6.4)
    rspec-expectations (2.6.0)
      diff-lcs (~> 1.1.2)
    rspec-instafail (0.1.8)
    rspec-mocks (2.6.0)
    ruby-progressbar (0.0.10)
    vcr (1.10.0)
    webmock (1.6.4)
      addressable (> 2.2.5, ~> 2.2)
      crack (>= 0.1.7)
    yard (0.6.8)

PLATFORMS
  ruby

DEPENDENCIES
  activesupport (>= 3.0.7)
  autotest (>= 4.4.6)
  bundler (~> 1.0.0)
  fuubar (>= 0.0.5)
  i18n (>= 0.5.0)
  jeweler (~> 1.6.2)
  mocha (>= 0.9.12)
  rcov
  rest-client (>= 1.6.3)
  rspec (>= 2.6.0)
  vcr (>= 1.10.0)
  webmock (~> 1.6.4)
  yard (>= 0.6.0)
