GEM
  remote: http://rubygems.org/
  specs:
    activesupport (3.0.8)
    addressable (2.2.6)
    crack (0.1.8)
    diff-lcs (1.1.2)
    git (1.2.5)
    i18n (0.6.0)
    jeweler (1.6.2)
      bundler (~> 1.0)
      git (>= 1.2.5)
      rake
    mime-types (1.16)
    mocha (0.9.12)
    rake (0.9.2)
    rcov (0.9.9)
    rest-client (1.6.3)
      mime-types (>= 1.16)
    rspec (2.3.0)
      rspec-core (~> 2.3.0)
      rspec-expectations (~> 2.3.0)
      rspec-mocks (~> 2.3.0)
    rspec-core (2.3.1)
    rspec-expectations (2.3.0)
      diff-lcs (~> 1.1.2)
    rspec-mocks (2.3.0)
    vcr (1.10.0)
    webmock (1.6.4)
      addressable (> 2.2.5, ~> 2.2)
      crack (>= 0.1.7)
    yard (0.6.8)

PLATFORMS
  ruby

DEPENDENCIES
  activesupport (~> 3.0.7)
  bundler (~> 1.0.0)
  i18n (~> 0.6.0)
  jeweler (~> 1.6.2)
  mocha (~> 0.9.12)
  rcov
  rest-client (~> 1.6.3)
  rspec (~> 2.3.0)
  vcr (~> 1.10.0)
  webmock (~> 1.6.4)
  yard (~> 0.6.0)
